GEM
  remote: https://rubygems.org/
  specs:
    json (1.8.3)
    mysql2 (0.4.1)
    rack (1.6.4)

PLATFORMS
  ruby

DEPENDENCIES
  json
  mysql2
  rack
